GEM
  remote: https://rubygems.org/
  specs:
    addressable (2.3.6)
    crack (0.4.2)
      safe_yaml (~> 1.0.0)
    diff-lcs (1.2.5)
    facter (2.3.0)
    hiera (1.3.4)
      json_pure
    json (1.8.1)
    json_pure (1.8.1)
    metaclass (0.0.4)
    mocha (1.1.0)
      metaclass (~> 0.0.1)
    puppet (3.7.3)
      facter (> 1.6, < 3)
      hiera (~> 1.0)
      json_pure
    puppet-lint (0.3.2)
    puppet-syntax (1.3.0)
      rake
    puppetlabs_spec_helper (0.8.2)
      mocha
      puppet-lint
      puppet-syntax
      rake
      rspec
      rspec-puppet
    rake (10.1.1)
    rspec (2.14.1)
      rspec-core (~> 2.14.0)
      rspec-expectations (~> 2.14.0)
      rspec-mocks (~> 2.14.0)
    rspec-core (2.14.8)
    rspec-expectations (2.14.5)
      diff-lcs (>= 1.1.3, < 2.0)
    rspec-mocks (2.14.6)
    rspec-puppet (1.0.1)
      rspec
    safe_yaml (1.0.4)
    webmock (1.20.4)
      addressable (>= 2.3.6)
      crack (>= 0.3.2)

PLATFORMS
  ruby

DEPENDENCIES
  json
  puppet
  puppet-lint (~> 0.3.2)
  puppetlabs_spec_helper
  rake (= 10.1.1)
  rspec (< 2.99)
  webmock
